PATH
  remote: .
  specs:
    yeeha-api (0.0.1)
      sinatra (~> 1.4.5)

GEM
  remote: https://rubygems.org/
  specs:
    rack (1.5.2)
    rack-protection (1.5.3)
      rack
    rake (10.3.2)
    sinatra (1.4.5)
      rack (~> 1.4)
      rack-protection (~> 1.4)
      tilt (~> 1.3, >= 1.3.4)
    tilt (1.4.1)

PLATFORMS
  ruby

DEPENDENCIES
  bundler (~> 1.6)
  rake (~> 10.0)
  yeeha-api!
