GIT
  remote: git://github.com/yeeha/yeeha-core.git
  revision: c9f4ebe9c8875aec9df22e199017d6ec4bef323d
  specs:
    yeeha-core (0.0.1)
      chunky_png (~> 1.3.1)
      nokogiri (~> 1.6.2.1)

PATH
  remote: .
  specs:
    yeeha-api (0.0.1)
      sinatra (~> 1.4.5)
      unicorn

GEM
  remote: https://rubygems.org/
  specs:
    chunky_png (1.3.3)
    kgio (2.9.2)
    mini_portile (0.6.0)
    nokogiri (1.6.2.1)
      mini_portile (= 0.6.0)
    rack (1.5.2)
    rack-protection (1.5.3)
      rack
    raindrops (0.13.0)
    rake (10.3.2)
    sinatra (1.4.5)
      rack (~> 1.4)
      rack-protection (~> 1.4)
      tilt (~> 1.3, >= 1.3.4)
    tilt (1.4.1)
    unicorn (4.8.3)
      kgio (~> 2.6)
      rack
      raindrops (~> 0.7)

PLATFORMS
  ruby

DEPENDENCIES
  bundler (~> 1.6)
  rake (~> 10.0)
  yeeha-api!
  yeeha-core!
